PATH
  remote: .
  specs:
    podoy (0.1.1)

GEM
  remote: https://rubygems.org/
  specs:
    rake (13.1.0)
    thor (1.3.0)

PLATFORMS
  arm64-darwin-20
  arm64-darwin-23
  ruby
  x86_64-linux

DEPENDENCIES
  podoy!
  rake (~> 13.0)
  thor (~> 1.3)

CHECKSUMS
  podoy (0.1.1)
  rake (13.1.0) sha256=be6a3e1aa7f66e6c65fa57555234eb75ce4cf4ada077658449207205474199c6
  thor (1.3.0) sha256=1adc7f9e5b3655a68c71393fee8bd0ad088d14ee8e83a0b73726f23cbb3ca7c3

BUNDLED WITH
   2.5.0.dev
